GEM
  remote: https://rubygems.org/
  specs:

PLATFORMS
  x86_64-linux

DEPENDENCIES

CHECKSUMS

BUNDLED WITH
   2.5.0.dev
